PATH
  remote: .
  specs:
    bifrost (0.1.0)

GEM
  remote: https://rubygems.org/
  specs:
    addressable (2.8.7)
      public_suffix (>= 2.0.2, < 7.0)
    ast (2.4.3)
    aws-eventstream (1.4.0)
    aws-partitions (1.1135.0)
    aws-sdk-core (3.227.0)
      aws-eventstream (~> 1, >= 1.3.0)
      aws-partitions (~> 1, >= 1.992.0)
      aws-sigv4 (~> 1.9)
      base64
      jmespath (~> 1, >= 1.6.1)
      logger
    aws-sdk-ec2 (1.542.0)
      aws-sdk-core (~> 3, >= 3.227.0)
      aws-sigv4 (~> 1.5)
    aws-sdk-ssm (1.199.0)
      aws-sdk-core (~> 3, >= 3.227.0)
      aws-sigv4 (~> 1.5)
    aws-sigv4 (1.12.1)
      aws-eventstream (~> 1, >= 1.0.2)
    azure_mgmt_compute (0.22.0)
      ms_rest_azure (~> 0.12.0)
    base64 (0.3.0)
    bigdecimal (3.2.2)
    cgi (0.5.0)
    concurrent-ruby (1.3.5)
    date (3.4.1)
    docker-api (2.4.0)
      excon (>= 0.64.0)
      multi_json
    domain_name (0.6.20240107)
    erb (4.0.4)
      cgi (>= 0.3.3)
    excon (1.2.8)
      logger
    faraday (1.10.4)
      faraday-em_http (~> 1.0)
      faraday-em_synchrony (~> 1.0)
      faraday-excon (~> 1.1)
      faraday-httpclient (~> 1.0)
      faraday-multipart (~> 1.0)
      faraday-net_http (~> 1.0)
      faraday-net_http_persistent (~> 1.0)
      faraday-patron (~> 1.0)
      faraday-rack (~> 1.0)
      faraday-retry (~> 1.0)
      ruby2_keywords (>= 0.0.4)
    faraday-cookie_jar (0.0.7)
      faraday (>= 0.8.0)
      http-cookie (~> 1.0.0)
    faraday-em_http (1.0.0)
    faraday-em_synchrony (1.0.1)
    faraday-excon (1.1.0)
    faraday-httpclient (1.0.1)
    faraday-multipart (1.1.1)
      multipart-post (~> 2.0)
    faraday-net_http (1.0.2)
    faraday-net_http_persistent (1.2.0)
    faraday-patron (1.0.0)
    faraday-rack (1.0.0)
    faraday-retry (1.0.3)
    ffi (1.17.2-x86_64-linux-gnu)
    ffi-compiler (1.3.2)
      ffi (>= 1.15.5)
      rake
    gapic-common (1.0.1)
      faraday (>= 1.9, < 3.a)
      faraday-retry (>= 1.0, < 3.a)
      google-cloud-env (~> 2.2)
      google-logging-utils (~> 0.1)
      google-protobuf (>= 3.25, < 5.a)
      googleapis-common-protos (~> 1.6)
      googleapis-common-protos-types (~> 1.15)
      googleauth (~> 1.12)
      grpc (~> 1.66)
    google-cloud-common (1.9.0)
      google-protobuf (>= 3.18, < 5.a)
      googleapis-common-protos-types (~> 1.20)
    google-cloud-compute (1.11.1)
      google-cloud-compute-v1 (~> 2.15)
      google-cloud-core (~> 1.6)
    google-cloud-compute-v1 (2.22.0)
      gapic-common (~> 1.0)
      google-cloud-common (~> 1.0)
      google-cloud-errors (~> 1.0)
    google-cloud-core (1.8.0)
      google-cloud-env (>= 1.0, < 3.a)
      google-cloud-errors (~> 1.0)
    google-cloud-env (2.3.1)
      base64 (~> 0.2)
      faraday (>= 1.0, < 3.a)
    google-cloud-errors (1.5.0)
    google-logging-utils (0.2.0)
    google-protobuf (4.31.1-x86_64-linux-gnu)
      bigdecimal
      rake (>= 13)
    googleapis-common-protos (1.8.0)
      google-protobuf (>= 3.18, < 5.a)
      googleapis-common-protos-types (~> 1.20)
      grpc (~> 1.41)
    googleapis-common-protos-types (1.20.0)
      google-protobuf (>= 3.18, < 5.a)
    googleauth (1.14.0)
      faraday (>= 1.0, < 3.a)
      google-cloud-env (~> 2.2)
      google-logging-utils (~> 0.1)
      jwt (>= 1.4, < 3.0)
      multi_json (~> 1.11)
      os (>= 0.9, < 2.0)
      signet (>= 0.16, < 2.a)
    grpc (1.74.0-x86_64-linux-gnu)
      google-protobuf (>= 3.25, < 5.0)
      googleapis-common-protos-types (~> 1.0)
    http (5.3.1)
      addressable (~> 2.8)
      http-cookie (~> 1.0)
      http-form_data (~> 2.2)
      llhttp-ffi (~> 0.5.0)
    http-accept (1.7.0)
    http-cookie (1.0.8)
      domain_name (~> 0.5)
    http-form_data (2.3.0)
    io-console (0.8.1)
    irb (1.15.2)
      pp (>= 0.6.0)
      rdoc (>= 4.0.0)
      reline (>= 0.4.2)
    jmespath (1.6.2)
    json (2.13.2)
    jsonpath (1.1.5)
      multi_json
    jwt (2.10.2)
      base64
    kubeclient (4.12.0)
      http (>= 3.0, < 6.0)
      jsonpath (~> 1.0)
      recursive-open-struct (~> 1.1, >= 1.1.1)
      rest-client (~> 2.0)
    language_server-protocol (3.17.0.5)
    lint_roller (1.1.0)
    llhttp-ffi (0.5.1)
      ffi-compiler (~> 1.0)
      rake (~> 13.0)
    logger (1.7.0)
    mime-types (3.7.0)
      logger
      mime-types-data (~> 3.2025, >= 3.2025.0507)
    mime-types-data (3.2025.0722)
    minitest (5.25.5)
    ms_rest (0.7.6)
      concurrent-ruby (~> 1.0)
      faraday (>= 0.9, < 2.0.0)
      timeliness (~> 0.3.10)
    ms_rest_azure (0.12.0)
      concurrent-ruby (~> 1.0)
      faraday (>= 0.9, < 2.0.0)
      faraday-cookie_jar (~> 0.0.6)
      ms_rest (~> 0.7.6)
    multi_json (1.17.0)
    multipart-post (2.4.1)
    netrc (0.11.0)
    os (1.1.4)
    ostruct (0.6.3)
    parallel (1.27.0)
    parser (3.3.9.0)
      ast (~> 2.4.1)
      racc
    pp (0.6.2)
      prettyprint
    prettyprint (0.2.0)
    prism (1.4.0)
    psych (5.2.6)
      date
      stringio
    public_suffix (6.0.2)
    racc (1.8.1)
    rainbow (3.1.1)
    rake (13.3.0)
    rdoc (6.14.2)
      erb
      psych (>= 4.0.0)
    recursive-open-struct (1.3.1)
      ostruct
    regexp_parser (2.10.0)
    reline (0.6.2)
      io-console (~> 0.5)
    rest-client (2.1.0)
      http-accept (>= 1.7.0, < 2.0)
      http-cookie (>= 1.0.2, < 2.0)
      mime-types (>= 1.16, < 4.0)
      netrc (~> 0.8)
    rubocop (1.79.0)
      json (~> 2.3)
      language_server-protocol (~> 3.17.0.2)
      lint_roller (~> 1.1.0)
      parallel (~> 1.10)
      parser (>= 3.3.0.2)
      rainbow (>= 2.2.2, < 4.0)
      regexp_parser (>= 2.9.3, < 3.0)
      rubocop-ast (>= 1.46.0, < 2.0)
      ruby-progressbar (~> 1.7)
      tsort (>= 0.2.0)
      unicode-display_width (>= 2.4.0, < 4.0)
    rubocop-ast (1.46.0)
      parser (>= 3.3.7.2)
      prism (~> 1.4)
    ruby-progressbar (1.13.0)
    ruby2_keywords (0.0.5)
    signet (0.20.0)
      addressable (~> 2.8)
      faraday (>= 0.17.5, < 3.a)
      jwt (>= 1.5, < 3.0)
      multi_json (~> 1.10)
    stringio (3.1.7)
    thor (1.4.0)
    timeliness (0.3.10)
    tsort (0.2.0)
    unicode-display_width (3.1.4)
      unicode-emoji (~> 4.0, >= 4.0.4)
    unicode-emoji (4.0.4)
    yaml (0.4.0)

PLATFORMS
  x86_64-linux

DEPENDENCIES
  aws-sdk-ec2
  aws-sdk-ssm
  azure_mgmt_compute
  bifrost!
  docker-api
  google-cloud-compute
  irb
  kubeclient
  logger
  minitest (~> 5.16)
  ms_rest
  rake (~> 13.0)
  rubocop (~> 1.21)
  thor
  yaml

BUNDLED WITH
   2.3.27
